GIT
  remote: https://github.com/chetan/api_auth.git
  revision: 18a1bc002468a7f90ca92d3b50406be8a61411cb
  branch: non_rails
  specs:
    api-auth (1.0.1)

GIT
  remote: https://github.com/chetan/httpi.git
  revision: f6e49303fee6778c714bcc556fa5f9247bc3a3f3
  branch: chunked_responses
  specs:
    httpi (2.0.0)
      rack

GIT
  remote: https://github.com/chetan/jeweler.git
  revision: 9b8b2376c79299b823a5e9aafae3d647df943b6f
  branch: bixby
  specs:
    jeweler (1.8.7)
      builder
      bundler (~> 1.0)
      git (>= 1.2.5)
      github_api (= 0.10.1)
      highline (>= 1.6.15)
      nokogiri (= 1.5.10)
      rake
      rdoc

GIT
  remote: https://github.com/chetan/simplecov.git
  revision: 308449b2193700f7a9a4291821a323110838fbc0
  branch: inline_nocov
  specs:
    simplecov (0.7.1)
      multi_json (~> 1.0)
      simplecov-html (~> 0.7.1)

GIT
  remote: https://github.com/chetan/test_guard.git
  revision: bbc871053ca91021eea412122035a9427748f8a5
  specs:
    test_guard (0.2.0)
      awesome_print
      debugger
      debugger-pry
      growl
      guard
      simplecov
      simplecov-console
      single_test
      turn

GEM
  remote: https://rubygems.org/
  specs:
    addressable (2.3.5)
    ansi (1.4.3)
    awesome_print (1.1.0)
    bixby-common (0.3.16)
      httpi
      logging
      multi_json
    builder (3.2.2)
    coderay (1.0.9)
    colorize (0.5.8)
    columnize (0.3.6)
    crack (0.4.1)
      safe_yaml (~> 0.9.0)
    curb (0.8.4)
    debugger (1.6.1)
      columnize (>= 0.3.1)
      debugger-linecache (~> 1.2.0)
      debugger-ruby_core_source (~> 1.2.3)
    debugger-linecache (1.2.0)
    debugger-pry (0.1.1)
      debugger (~> 1)
      pry (>= 0.9.9)
    debugger-ruby_core_source (1.2.3)
    faraday (0.8.8)
      multipart-post (~> 1.2.0)
    ffi (1.9.0)
    formatador (0.2.4)
    git (1.2.5)
    github_api (0.10.1)
      addressable
      faraday (~> 0.8.1)
      hashie (>= 1.2)
      multi_json (~> 1.4)
      nokogiri (~> 1.5.2)
      oauth2
    growl (1.0.3)
    guard (1.8.2)
      formatador (>= 0.2.4)
      listen (>= 1.0.0)
      lumberjack (>= 1.0.2)
      pry (>= 0.9.10)
      thor (>= 0.14.6)
    hashie (2.0.5)
    highline (1.6.19)
    hirb (0.7.1)
    httpauth (0.2.0)
    json (1.8.0)
    jwt (0.1.8)
      multi_json (>= 1.5)
    listen (1.2.3)
      rb-fsevent (>= 0.9.3)
      rb-inotify (>= 0.9)
      rb-kqueue (>= 0.2)
    little-plugger (1.1.3)
    logging (1.8.1)
      little-plugger (>= 1.1.3)
      multi_json (>= 1.3.6)
    lumberjack (1.0.4)
    metaclass (0.0.1)
    method_source (0.8.2)
    minitest (4.7.5)
    mixlib-shellout (1.2.0)
    mocha (0.14.0)
      metaclass (~> 0.0.1)
    multi_json (1.7.9)
    multi_xml (0.5.5)
    multipart-post (1.2.0)
    nokogiri (1.5.10)
    oauth2 (0.9.2)
      faraday (~> 0.8)
      httpauth (~> 0.2)
      jwt (~> 0.1.4)
      multi_json (~> 1.0)
      multi_xml (~> 0.5)
      rack (~> 1.2)
    oj (2.1.4)
    pry (0.9.12.2)
      coderay (~> 1.0.5)
      method_source (~> 0.8)
      slop (~> 3.4)
    rack (1.5.2)
    rake (10.1.0)
    rb-fchange (0.0.6)
      ffi
    rb-fsevent (0.9.3)
    rb-inotify (0.9.1)
      ffi (>= 0.5.0)
    rb-kqueue (0.2.0)
      ffi (>= 0.5.0)
    rdoc (4.0.1)
      json (~> 1.4)
    redcarpet (3.0.0)
    safe_yaml (0.9.5)
    simplecov-console (0.1.1)
      colorize
      hirb
      simplecov
    simplecov-html (0.7.1)
    single_test (0.5.2)
      rake (> 0.9)
    slop (3.4.6)
    thor (0.18.1)
    turn (0.9.6)
      ansi
    webmock (1.13.0)
      addressable (>= 2.2.7)
      crack (>= 0.3.2)
    yard (0.8.7)

PLATFORMS
  ruby

DEPENDENCIES
  api-auth!
  bixby-common
  bundler
  curb
  debugger
  debugger-pry
  httpi!
  jeweler!
  minitest (~> 4.7)
  mixlib-shellout
  mocha
  multi_json
  oj
  pry
  rb-fchange
  rb-fsevent
  rb-inotify
  redcarpet
  simplecov!
  test_guard!
  webmock
  yard
