GIT
  remote: https://github.com/chetan/api_auth.git
  revision: 18a1bc002468a7f90ca92d3b50406be8a61411cb
  branch: non_rails
  specs:
    api-auth (1.0.1)

GIT
  remote: https://github.com/chetan/bixby-common.git
  revision: cd7ec678b7d4fdfd09190b76938833abed7d98a8
  specs:
    bixby-common (0.3.6)
      httpi
      logging
      multi_json

GIT
  remote: https://github.com/chetan/httpi.git
  revision: f6e49303fee6778c714bcc556fa5f9247bc3a3f3
  branch: chunked_responses
  specs:
    httpi (2.0.0)
      rack

GIT
  remote: https://github.com/chetan/jeweler.git
  revision: 41062abfc55dc1f5775d6419c796fd1c8756fc7b
  branch: bixby
  specs:
    jeweler (1.8.4)
      bundler (~> 1.0)
      git (>= 1.2.5)
      rake
      rdoc

GIT
  remote: https://github.com/chetan/simplecov.git
  revision: 308449b2193700f7a9a4291821a323110838fbc0
  branch: inline_nocov
  specs:
    simplecov (0.7.1)
      multi_json (~> 1.0)
      simplecov-html (~> 0.7.1)

GIT
  remote: https://github.com/chetan/test_guard.git
  revision: dc2f30da10945323a3e8f377311b6df54f46ad4c
  specs:
    test_guard (0.1.2)
      awesome_print
      growl
      guard
      simplecov
      simplecov-console
      single_test
      turn

GEM
  remote: https://rubygems.org/
  specs:
    addressable (2.3.2)
    ansi (1.4.3)
    awesome_print (1.1.0)
    coderay (1.0.8)
    colorize (0.5.8)
    columnize (0.3.6)
    crack (0.3.2)
    curb (0.8.3)
    debugger (1.3.1)
      columnize (>= 0.3.1)
      debugger-linecache (~> 1.1.1)
      debugger-ruby_core_source (~> 1.1.8)
    debugger-linecache (1.1.2)
      debugger-ruby_core_source (>= 1.1.1)
    debugger-pry (0.1.1)
      debugger (~> 1)
      pry (>= 0.9.9)
    debugger-ruby_core_source (1.1.8)
    ffi (1.3.1)
    git (1.2.5)
    growl (1.0.3)
    guard (1.6.2)
      listen (>= 0.6.0)
      lumberjack (>= 1.0.2)
      pry (>= 0.9.10)
      terminal-table (>= 1.4.3)
      thor (>= 0.14.6)
    hirb (0.7.1)
    json (1.7.6)
    listen (0.7.2)
    little-plugger (1.1.3)
    logging (1.8.1)
      little-plugger (>= 1.1.3)
      multi_json (>= 1.3.6)
    lumberjack (1.0.2)
    metaclass (0.0.1)
    method_source (0.8.1)
    minitest (4.6.0)
    mixlib-shellout (1.1.0)
    mocha (0.13.2)
      metaclass (~> 0.0.1)
    multi_json (1.5.0)
    oj (2.0.3)
    pry (0.9.11.4)
      coderay (~> 1.0.5)
      method_source (~> 0.8)
      slop (~> 3.4)
    rack (1.5.2)
    rake (10.0.3)
    rb-fchange (0.0.6)
      ffi
    rb-fsevent (0.9.3)
    rb-inotify (0.9.0)
      ffi (>= 0.5.0)
    rdoc (3.12.1)
      json (~> 1.4)
    redcarpet (2.2.2)
    simplecov-console (0.1.1)
      colorize
      hirb
      simplecov
    simplecov-html (0.7.1)
    single_test (0.5.1)
      rake (> 0.9)
    slop (3.4.3)
    terminal-table (1.4.5)
    thor (0.17.0)
    turn (0.9.6)
      ansi
    webmock (1.9.0)
      addressable (>= 2.2.7)
      crack (>= 0.1.7)
    yard (0.8.4.1)

PLATFORMS
  ruby

DEPENDENCIES
  api-auth!
  bixby-common!
  bundler
  curb
  debugger
  debugger-pry
  httpi!
  jeweler!
  minitest
  mixlib-shellout
  mocha
  multi_json
  oj
  pry
  rb-fchange
  rb-fsevent
  rb-inotify
  redcarpet
  simplecov!
  test_guard!
  webmock
  yard
