GIT
  remote: git://github.com/chetan/micron.git
  revision: 17e46aaf88e16870fa4ac0374016434823c2c46e
  specs:
    micron (0.5.0)
      ansi
      easycov
      hitimes

GIT
  remote: https://github.com/chetan/jeweler.git
  revision: b1f048d0ee6bc9febbcadb52b75b77e734782eb4
  branch: bixby
  specs:
    jeweler (2.0.1)
      builder
      bundler (>= 1.0)
      git (>= 1.2.5)
      github_api
      highline (>= 1.6.15)
      nokogiri (>= 1.5.10)
      rake
      rdoc

GIT
  remote: https://github.com/chetan/simplecov.git
  revision: 308449b2193700f7a9a4291821a323110838fbc0
  branch: inline_nocov
  specs:
    simplecov (0.7.1)
      multi_json (~> 1.0)
      simplecov-html (~> 0.7.1)

GIT
  remote: https://github.com/chetan/test_guard.git
  revision: 178e47e2e57dc83060d6cabc18f206916b9d02f2
  specs:
    test_guard (0.2.1)
      awesome_print
      easycov
      growl
      listen
      simplecov
      simplecov-console

GEM
  remote: https://rubygems.org/
  specs:
    addressable (2.3.6)
    ansi (1.4.3)
    awesome_print (1.2.0)
    bixby-auth (0.1.0)
    bixby-common (0.5.0)
      bixby-auth (~> 0.1)
      faye-websocket (~> 0.7)
      httpi (~> 2.1)
      logging (~> 1.8)
      multi_json (~> 1.8)
      semver2 (~> 3.3)
    builder (3.2.2)
    celluloid (0.15.2)
      timers (~> 1.1.0)
    celluloid-io (0.15.0)
      celluloid (>= 0.15.0)
      nio4r (>= 0.5.0)
    coderay (1.1.0)
    colorize (0.7.2)
    columnize (0.3.6)
    coveralls (0.7.0)
      multi_json (~> 1.3)
      rest-client
      simplecov (>= 0.7)
      term-ansicolor
      thor
    crack (0.4.2)
      safe_yaml (~> 1.0.0)
    curb (0.8.5)
    debugger (1.6.6)
      columnize (>= 0.3.1)
      debugger-linecache (~> 1.2.0)
      debugger-ruby_core_source (~> 1.3.2)
    debugger-linecache (1.2.0)
    debugger-pry (0.1.1)
      debugger (~> 1)
      pry (>= 0.9.9)
    debugger-ruby_core_source (1.3.2)
    descendants_tracker (0.0.4)
      thread_safe (~> 0.3, >= 0.3.1)
    easycov (0.4.0)
      multi_json
      simplecov
      simplecov-console
      simplecov-html
    eventmachine (1.0.3)
    faraday (0.9.0)
      multipart-post (>= 1.2, < 3)
    faye-websocket (0.8.0)
      eventmachine (>= 0.12.0)
      websocket-driver (>= 0.4.0)
    ffi (1.9.3)
    fuzzy_file_finder (1.0.4)
    git (1.2.6)
    github_api (0.11.3)
      addressable (~> 2.3)
      descendants_tracker (~> 0.0.1)
      faraday (~> 0.8, < 0.10)
      hashie (>= 1.2)
      multi_json (>= 1.7.5, < 2.0)
      nokogiri (~> 1.6.0)
      oauth2
    growl (1.0.3)
    hashie (2.1.1)
    highline (1.6.21)
    hirb (0.7.1)
    hitimes (1.2.1)
    httpi (2.3.0)
      rack
    json (1.8.1)
    jwt (0.1.11)
      multi_json (>= 1.5)
    listen (2.7.1)
      celluloid (>= 0.15.2)
      celluloid-io (>= 0.15.0)
      rb-fsevent (>= 0.9.3)
      rb-inotify (>= 0.9)
    little-plugger (1.1.3)
    logging (1.8.2)
      little-plugger (>= 1.1.3)
      multi_json (>= 1.8.4)
    metaclass (0.0.4)
    method_source (0.8.2)
    mime-types (2.2)
    mini_portile (0.5.3)
    mixlib-shellout (1.4.0)
    mocha (1.0.0)
      metaclass (~> 0.0.1)
    multi_json (1.10.1)
    multi_xml (0.5.5)
    multipart-post (2.0.0)
    nio4r (1.0.0)
    nokogiri (1.6.1)
      mini_portile (~> 0.5.0)
    oauth2 (0.9.3)
      faraday (>= 0.8, < 0.10)
      jwt (~> 0.1.8)
      multi_json (~> 1.3)
      multi_xml (~> 0.5)
      rack (~> 1.2)
    oj (2.7.3)
    pry (0.9.12.6)
      coderay (~> 1.0)
      method_source (~> 0.8)
      slop (~> 3.4)
    psych (2.0.5)
    rack (1.5.2)
    rake (10.2.2)
    rb-fchange (0.0.6)
      ffi
    rb-fsevent (0.9.4)
    rb-inotify (0.9.3)
      ffi (>= 0.5.0)
    rdoc (4.1.1)
      json (~> 1.4)
    redcarpet (3.1.1)
    rest-client (1.6.7)
      mime-types (>= 1.16)
    safe_yaml (1.0.2)
    semver2 (3.4.0)
    simplecov-console (0.1.3)
      colorize
      hirb
      simplecov
    simplecov-html (0.7.1)
    slop (3.5.0)
    term-ansicolor (1.3.0)
      tins (~> 1.0)
    thor (0.19.1)
    thread_safe (0.3.3)
    timers (1.1.0)
    tins (1.1.0)
    webmock (1.17.4)
      addressable (>= 2.2.7)
      crack (>= 0.3.2)
    websocket-driver (0.4.0)
    yard (0.8.7.4)

PLATFORMS
  ruby

DEPENDENCIES
  bixby-common
  bundler
  coveralls
  curb
  debugger
  debugger-pry
  fuzzy_file_finder
  httpi
  jeweler!
  micron!
  mixlib-shellout
  mocha
  multi_json
  oj
  pry
  psych
  rb-fchange
  rb-fsevent
  rb-inotify
  redcarpet
  simplecov!
  test_guard!
  webmock
  yard
